GEM
  remote: https://rubygems.org/
  specs:
    activemodel (5.1.2)
      activesupport (= 5.1.2)
    activerecord (5.1.2)
      activemodel (= 5.1.2)
      activesupport (= 5.1.2)
      arel (~> 8.0)
    activesupport (5.1.2)
      concurrent-ruby (~> 1.0, >= 1.0.2)
      i18n (~> 0.7)
      minitest (~> 5.1)
      tzinfo (~> 1.1)
    arel (8.0.0)
    backports (3.8.0)
    byebug (9.0.6)
    coderay (1.1.1)
    concurrent-ruby (1.0.5)
    debugger-ruby_core_source (1.3.8)
    diff-lcs (1.3)
    dotenv (2.2.1)
    factory_girl (4.8.0)
      activesupport (>= 3.0.0)
    git-version-bump (0.15.1)
    i18n (0.8.4)
    method_source (0.8.2)
    minitest (5.10.2)
    multi_json (1.12.1)
    mysql2 (0.4.6)
    oj (3.2.0)
    oj_mimic_json (1.0.1)
    pry (0.10.4)
      coderay (~> 1.1.0)
      method_source (~> 0.8.1)
      slop (~> 3.4)
    pry-byebug (3.4.2)
      byebug (~> 9.0)
      pry (~> 0.10)
    puma (3.9.1)
    rack (1.6.8)
    rack-contrib (1.4.0)
      git-version-bump (~> 0.15)
      rack (~> 1.4)
    rack-lineprof (0.0.3)
      rack (~> 1.5)
      rblineprof (~> 0.3.6)
      term-ansicolor (~> 1.3)
    rack-ltsv_logger (0.0.3)
      rack
    rack-protection (1.5.3)
      rack
    rack-test (0.6.3)
      rack (>= 1.0)
    rake (12.0.0)
    rblineprof (0.3.7)
      debugger-ruby_core_source (~> 1.3)
    redis (3.3.3)
    redis-rack (2.0.2)
      rack (>= 1.5, < 3)
      redis-store (>= 1.2, < 1.4)
    redis-store (1.3.0)
      redis (>= 2.2)
    rspec (3.6.0)
      rspec-core (~> 3.6.0)
      rspec-expectations (~> 3.6.0)
      rspec-mocks (~> 3.6.0)
    rspec-core (3.6.0)
      rspec-support (~> 3.6.0)
    rspec-expectations (3.6.0)
      diff-lcs (>= 1.2.0, < 2.0)
      rspec-support (~> 3.6.0)
    rspec-mocks (3.6.0)
      diff-lcs (>= 1.2.0, < 2.0)
      rspec-support (~> 3.6.0)
    rspec-support (3.6.0)
    seed-fu (2.3.6)
      activerecord (>= 3.1)
      activesupport (>= 3.1)
    sinatra (1.4.8)
      rack (~> 1.5)
      rack-protection (~> 1.4)
      tilt (>= 1.3, < 3)
    sinatra-activerecord (2.0.13)
      activerecord (>= 3.2)
      sinatra (>= 1.0)
    sinatra-contrib (1.4.7)
      backports (>= 2.0)
      multi_json
      rack-protection
      rack-test
      sinatra (~> 1.4.0)
      tilt (>= 1.3, < 3)
    sinatra-param (1.4.0)
      sinatra (~> 1.3)
    slop (3.6.0)
    term-ansicolor (1.6.0)
      tins (~> 1.0)
    thread_safe (0.3.6)
    tilt (2.0.7)
    tins (1.15.0)
    tzinfo (1.2.3)
      thread_safe (~> 0.1)
    tzinfo-data (1.2017.2)
      tzinfo (>= 1.0.0)

PLATFORMS
  ruby

DEPENDENCIES
  dotenv
  factory_girl
  mysql2
  oj
  oj_mimic_json
  pry
  pry-byebug
  puma
  rack-contrib
  rack-lineprof
  rack-ltsv_logger
  rack-protection
  rack-test
  rake
  redis-rack
  rspec
  seed-fu
  sinatra
  sinatra-activerecord
  sinatra-contrib
  sinatra-param
  tzinfo-data

BUNDLED WITH
   1.15.1
